PATH
  remote: .
  specs:
    mkto_rest (0.2.0)

GEM
  remote: https://rubygems.org/
  specs:
    rake (10.1.1)

PLATFORMS
  ruby

DEPENDENCIES
  bundler (~> 1.3)
  mkto_rest!
  rake
